GEM
  remote: https://rubygems.org/
  specs:
    coderay (1.1.1)
    eventmachine (1.0.7)
    faraday (0.9.1)
      multipart-post (>= 1.2, < 3)
    ffi (1.12.2)
    method_source (0.8.2)
    mime-types (1.25.1)
    mini_portile2 (2.8.0)
    multipart-post (2.0.0)
    nokogiri (1.13.2)
      mini_portile2 (~> 2.8.0)
      racc (~> 1.4)
    pry (0.10.3)
      coderay (~> 1.1.0)
      method_source (~> 0.8.1)
    racc (1.6.0)
    typhoeus (0.4.2)
      ffi (~> 1.0)
      mime-types (~> 1.18)

PLATFORMS
  ruby

DEPENDENCIES
  eventmachine (~> 1.0.7)
  faraday (~> 0.9.0)
  nokogiri (~> 1.13.2)
  pry
  typhoeus (~> 0.4.2)

BUNDLED WITH
   1.12.5
