GEM
  remote: https://rubygems.org/
  specs:
    eventmachine (1.0.7)
    faraday (0.9.1)
      multipart-post (>= 1.2, < 3)
    ffi (1.9.8)
    mime-types (1.25.1)
    mini_portile (0.6.2)
    multipart-post (2.0.0)
    nokogiri (1.6.6.2)
      mini_portile (~> 0.6.0)
    typhoeus (0.4.2)
      ffi (~> 1.0)
      mime-types (~> 1.18)

PLATFORMS
  ruby

DEPENDENCIES
  eventmachine (~> 1.0.7)
  faraday (~> 0.9.0)
  nokogiri (~> 1.6.6)
  typhoeus (~> 0.4.2)
