GEM
  remote: http://rubygems.org/
  specs:
    eventmachine (1.0.0.rc.4)
    ffi (1.1.4)
    mime-types (1.19)
    nokogiri (1.5.5)
    typhoeus (0.4.2)
      ffi (~> 1.0)
      mime-types (~> 1.18)

PLATFORMS
  ruby

DEPENDENCIES
  eventmachine (~> 1.0.0.rc.4)
  nokogiri (~> 1.5.5)
  typhoeus (~> 0.4.2)
